GEM
  remote: https://rubygems.org/
  specs:
    activesupport (4.1.13)
      i18n (~> 0.6, >= 0.6.9)
      json (~> 1.7, >= 1.7.7)
      minitest (~> 5.1)
      thread_safe (~> 0.1)
      tzinfo (~> 1.1)
    af_ruby (4.5.3)
      activesupport (>= 4.1.12, <= 4.2.4)
      american_date
      cobravsmongoose
      git (~> 1.2)
      open4
      rails-dom-testing
    american_date (1.1.1)
    benchmark-ips (2.3.0)
    cobravsmongoose (0.0.2)
    git (1.2.9.1)
    i18n (0.7.0)
    json (1.8.3)
    mini_portile (0.6.2)
    minitest (5.8.2)
    nokogiri (1.6.6.2)
      mini_portile (~> 0.6.0)
    open4 (1.3.4)
    rails-dom-testing (1.0.0)
      activesupport
      nokogiri (~> 1.6.0)
    thread_safe (0.3.5)
    tzinfo (1.2.2)
      thread_safe (~> 0.1)

PLATFORMS
  ruby

DEPENDENCIES
  af_ruby
  benchmark-ips

BUNDLED WITH
   1.10.6
