GEM
  remote: https://rubygems.org/
  remote: https://gemini.atl.appfolio.net/
  specs:
    RubyInlineWithoutZenTest (3.12.2)
    actionmailer (3.2.19)
      actionpack (= 3.2.19)
      mail (~> 2.5.4)
    actionpack (3.2.19)
      activemodel (= 3.2.19)
      activesupport (= 3.2.19)
      builder (~> 3.0.0)
      erubis (~> 2.7.0)
      journey (~> 1.0.4)
      rack (~> 1.4.5)
      rack-cache (~> 1.2)
      rack-test (~> 0.6.1)
      sprockets (~> 2.2.1)
    activemodel (3.2.19)
      activesupport (= 3.2.19)
      builder (~> 3.0.0)
    activerecord (3.2.19)
      activemodel (= 3.2.19)
      activesupport (= 3.2.19)
      arel (~> 3.0.2)
      tzinfo (~> 0.3.29)
    activeresource (3.2.19)
      activemodel (= 3.2.19)
      activesupport (= 3.2.19)
    activesupport (3.2.19)
      i18n (~> 0.6, >= 0.6.4)
      multi_json (~> 1.0)
    af_parallel_tests (4.4.0)
      parallel
      rails (~> 3.2.18)
    af_rails (9.0.0)
      RubyInlineWithoutZenTest (= 3.12.2)
      af_parallel_tests (~> 4.0)
      af_ruby (~> 2.28)
      af_testing (~> 2.15)
      auto_strip_attributes (= 2.0.2)
      ezcrypto (= 0.7)
      minitest
      minitest-reporters
      mocha (~> 1.0)
      mysql2 (= 0.3.15)
      rails (~> 3.1)
      validates_timeliness (= 3.0.14.1af)
    af_ruby (2.49.0)
      activesupport (~> 3.2)
      american_date
      cobravsmongoose
      git (~> 1.2)
      open4
    af_testing (2.47.0)
      activesupport (~> 3.2)
      minitest (~> 4.0)
      rest_client
    american_date (1.1.0)
    ansi (1.4.3)
    arel (3.0.3)
    auto_strip_attributes (2.0.2)
      activerecord (>= 3.0)
    builder (3.0.4)
    cobravsmongoose (0.0.2)
    coderay (1.1.0)
    erubis (2.7.0)
    ezcrypto (0.7)
    git (1.2.8)
    hashie (3.3.1)
    hike (1.2.3)
    i18n (0.6.11)
    journey (1.0.4)
    json (1.8.1)
    mail (2.5.4)
      mime-types (~> 1.16)
      treetop (~> 1.4.8)
    metaclass (0.0.4)
    method_source (0.8.2)
    mime-types (1.25.1)
    minitest (4.7.5)
    minitest-reporters (0.14.24)
      ansi
      builder
      minitest (>= 2.12, < 5.0)
      powerbar
    mocha (1.1.0)
      metaclass (~> 0.0.1)
    multi_json (1.10.1)
    mysql2 (0.3.15)
    netrc (0.7.7)
    open4 (1.3.4)
    parallel (1.2.4)
    polyglot (0.3.5)
    powerbar (1.0.11)
      ansi (~> 1.4.0)
      hashie (>= 1.1.0)
    pry (0.9.12.6)
      coderay (~> 1.0)
      method_source (~> 0.8)
      slop (~> 3.4)
    rack (1.4.5)
    rack-cache (1.2)
      rack (>= 0.4)
    rack-ssl (1.3.4)
      rack
    rack-test (0.6.2)
      rack (>= 1.0)
    rails (3.2.19)
      actionmailer (= 3.2.19)
      actionpack (= 3.2.19)
      activerecord (= 3.2.19)
      activeresource (= 3.2.19)
      activesupport (= 3.2.19)
      bundler (~> 1.0)
      railties (= 3.2.19)
    railties (3.2.19)
      actionpack (= 3.2.19)
      activesupport (= 3.2.19)
      rack-ssl (~> 1.3.2)
      rake (>= 0.8.7)
      rdoc (~> 3.4)
      thor (>= 0.14.6, < 2.0)
    rake (10.3.2)
    rdoc (3.12.2)
      json (~> 1.4)
    rest_client (1.7.3)
      netrc (~> 0.7.7)
    slop (3.5.0)
    sprockets (2.2.2)
      hike (~> 1.2)
      multi_json (~> 1.0)
      rack (~> 1.0)
      tilt (~> 1.1, != 1.3.0)
    thor (0.19.1)
    tilt (1.4.1)
    timeliness (0.3.7)
    treetop (1.4.15)
      polyglot
      polyglot (>= 0.3.1)
    tzinfo (0.3.41)
    validates_timeliness (3.0.14.1af)
      timeliness (~> 0.3.7)

PLATFORMS
  ruby

DEPENDENCIES
  af_rails (~> 9.0.0)
  minitest
  pry
  rails (~> 3.2.18)
